GEM
  remote: https://rubygems.org/
  specs:
    concurrent-ruby (1.1.8)
    connection_pool (2.2.5)
    et-orbi (1.2.4)
      tzinfo
    fugit (1.4.5)
      et-orbi (~> 1.1, >= 1.1.8)
      raabro (~> 1.4)
    raabro (1.4.0)
    rack (1.6.4)
    rack-protection (1.5.3)
      rack
    redis (4.2.5)
    rufus-scheduler (3.7.0)
      fugit (~> 1.1, >= 1.1.6)
    sidekiq (5.2.8)
      connection_pool (~> 2.2, >= 2.2.2)
      rack (< 2.1.0)
      rack-protection (>= 1.5.0)
      redis (>= 3.3.5, < 5)
    sidekiq-cron (0.6.3)
      rufus-scheduler (>= 3.3.0)
      sidekiq (>= 4.2.1)
    sinatra (1.4.6)
      rack (~> 1.4)
      rack-protection (~> 1.4)
      tilt (>= 1.3, < 3)
    tilt (2.0.1)
    tzinfo (2.0.4)
      concurrent-ruby (~> 1.0)

PLATFORMS
  ruby

DEPENDENCIES
  sidekiq
  sidekiq-cron (~> 0.6.0)
  sinatra

BUNDLED WITH
   1.11.2
