GEM
  remote: https://rubygems.org/
  specs:
    connection_pool (2.3.0)
    rack (1.6.4)
    rack-protection (1.5.3)
      rack
    redis (3.3.5)
    redis-namespace (1.5.2)
      redis (~> 3.0, >= 3.0.4)
    rufus-scheduler (3.2.0)
    sidekiq (5.2.8)
      connection_pool (~> 2.2, >= 2.2.2)
      rack (< 2.1.0)
      rack-protection (>= 1.5.0)
      redis (>= 3.3.5, < 5)
    sidekiq-cron (0.4.2)
      redis-namespace (>= 1.5.2)
      rufus-scheduler (>= 2.0.24)
      sidekiq (>= 4.0.0)
    sinatra (1.4.6)
      rack (~> 1.4)
      rack-protection (~> 1.4)
      tilt (>= 1.3, < 3)
    tilt (2.0.1)

PLATFORMS
  ruby

DEPENDENCIES
  sidekiq
  sidekiq-cron (~> 0.4.0)
  sinatra

BUNDLED WITH
   1.11.2
